GEM
  remote: https://rubygems.org/
  specs:
    RedCloth (4.2.9)
    albino (1.3.3)
      posix-spawn (>= 0.3.6)
    classifier (1.3.4)
      fast-stemmer (>= 1.0.0)
    directory_watcher (1.4.1)
    fast-stemmer (1.0.2)
    jekyll (0.11.2)
      albino (~> 1.3)
      classifier (~> 1.3)
      directory_watcher (~> 1.1)
      kramdown (~> 0.13)
      liquid (~> 2.3)
      maruku (~> 0.5)
    kramdown (0.14.0)
    liquid (2.5.5)
    maruku (0.7.1)
    posix-spawn (0.3.8)
    rack (1.5.2)
    rake (10.1.1)

PLATFORMS
  ruby

DEPENDENCIES
  RedCloth
  jekyll (~> 0.11.2)
  rack
  rake
