GEM
  remote: https://rubygems.org/
  specs:
    RedCloth (4.2.9)
    rack (1.5.2)
    rake (10.1.1)

PLATFORMS
  ruby

DEPENDENCIES
  RedCloth
  rack
  rake

